GEM
  remote: https://rubygems.org/
  specs:
    kgio (2.9.2)
    newrelic_rpm (3.9.8.273)
    rack (1.5.2)
    raindrops (0.13.0)
    unicorn (4.8.3)
      kgio (~> 2.6)
      rack
      raindrops (~> 0.7)

PLATFORMS
  ruby

DEPENDENCIES
  newrelic_rpm
  unicorn
